GEM
  remote: http://rubygems.org/
  specs:
    activesupport (3.0.7)
    adsf (1.0.1)
      rack (>= 1.0.0)
    builder (3.0.0)
    chunky_png (1.2.5)
    coderay (0.9.8)
    compass (0.11.5)
      chunky_png (~> 1.2)
      fssm (>= 0.2.7)
      sass (~> 3.1)
    cri (2.0.2)
    fssm (0.2.7)
    haml (3.1.3)
    mime-types (1.16)
    nanoc (3.2.2)
      nanoc3 (>= 3.2.2)
    nanoc3 (3.2.2)
      cri (~> 2.0)
    rack (1.2.2)
    rake (0.8.7)
    rdiscount (1.6.8)
    sass (3.1.10)

PLATFORMS
  ruby

DEPENDENCIES
  activesupport
  adsf
  builder
  coderay
  compass
  cri
  haml
  mime-types
  nanoc
  rack
  rake
  rdiscount
  sass
